GEM
  remote: https://rubygems.org/
  specs:
    rack (3.0.2)
    rack-protection (3.0.4)
      rack
    sinatra (2.2.3)
      rack (~> 3.0)
      rack-protection (~> 3.0)
      tilt (~> 1.3, >= 1.3.4)
    tilt (1.4.1)

PLATFORMS
  ruby

DEPENDENCIES
  sinatra

BUNDLED WITH
   1.14.6
